GEM
  remote: https://rubygems.org/
  specs:
    activemodel (7.0.4)
      activesupport (= 7.0.4)
    activerecord (7.0.4)
      activemodel (= 7.0.4)
      activesupport (= 7.0.4)
    activesupport (7.0.4)
      concurrent-ruby (~> 1.0, >= 1.0.2)
      i18n (>= 1.6, < 2)
      minitest (>= 5.1)
      tzinfo (~> 2.0)
    bcrypt (3.1.18)
    bootsnap (1.15.0)
      msgpack (~> 1.2)
    concurrent-ruby (1.1.10)
    foreman (0.87.2)
    haml (6.0.12)
      temple (>= 0.8.2)
      thor
      tilt
    i18n (1.12.0)
      concurrent-ruby (~> 1.0)
    minitest (5.16.3)
    msgpack (1.6.0)
    multi_json (1.15.0)
    mustermann (2.0.2)
      ruby2_keywords (~> 0.0.1)
    nio4r (2.5.8)
    oj (3.13.23)
    puma (5.6.5)
      nio4r (~> 2.0)
    rack (2.2.4)
    rack-protection (2.2.3)
      rack
    rake (13.0.6)
    ruby2_keywords (0.0.5)
    sinatra (2.2.3)
      mustermann (~> 2.0)
      rack (~> 2.2)
      rack-protection (= 2.2.3)
      tilt (~> 2.0)
    sinatra-activerecord (2.0.26)
      activerecord (>= 4.1)
      sinatra (>= 1.0)
    sinatra-contrib (2.2.3)
      multi_json
      mustermann (~> 2.0)
      rack-protection (= 2.2.3)
      sinatra (= 2.2.3)
      tilt (~> 2.0)
    sinatra-flash (0.3.0)
      sinatra (>= 1.0.0)
    sqlite3 (1.5.4-x86_64-darwin)
    temple (0.9.1)
    thor (1.2.1)
    tilt (2.0.11)
    tzinfo (2.0.5)
      concurrent-ruby (~> 1.0)
    warden (1.2.9)
      rack (>= 2.0.9)

PLATFORMS
  x86_64-darwin-22

DEPENDENCIES
  activerecord (~> 7.0, >= 7.0.3)
  bcrypt (~> 3.1, >= 3.1.18)
  bootsnap (~> 1.15)
  foreman (~> 0.87.2)
  haml (~> 6.0, >= 6.0.11)
  oj (~> 3.13, >= 3.13.14)
  puma (~> 5.0)
  rake (~> 13.0, >= 13.0.6)
  sinatra (~> 2.2)
  sinatra-activerecord (~> 2.0, >= 2.0.25)
  sinatra-contrib (~> 2.2)
  sinatra-flash (~> 0.3.0)
  sqlite3 (~> 1.4, >= 1.4.3)
  warden (~> 1.2, >= 1.2.9)

RUBY VERSION
   ruby 3.1.2p20

BUNDLED WITH
   2.3.26
